GEM
  remote: https://rubygems.org/
  specs:
    byebug (9.0.6)
    coderay (1.1.1)
    method_source (0.8.2)
    pry (0.10.4)
      coderay (~> 1.1.0)
      method_source (~> 0.8.1)
      slop (~> 3.4)
    pry-byebug (3.4.2)
      byebug (~> 9.0)
      pry (~> 0.10)
    random-word (1.3.0)
    random-word-generator (0.0.1)
      sqlite3-ruby (>= 1.2.1)
    require_all (1.3.3)
    slop (3.6.0)
    sqlite3 (1.3.13)
    sqlite3-ruby (1.3.3)
      sqlite3 (>= 1.3.3)
    word-salad (1.0.0)

PLATFORMS
  ruby

DEPENDENCIES
  pry-byebug
  random-word (~> 1.3)
  random-word-generator (~> 0.0.1)
  require_all
  sqlite3
  word-salad (~> 1.0)

BUNDLED WITH
   1.15.1
